GEM
  remote: https://rubygems.org/
  specs:
    json (1.8.3)
    mini_portile2 (2.5.1)
    nokogiri (1.11.4)
      mini_portile2 (~> 2.5.0)
      racc (~> 1.4)
    peach (0.4)
    racc (1.5.2)
    rack (1.2.1)
    rake (10.0.0)
    sass (3.1.0.alpha.214)
    yui-compressor (0.9.1)

PLATFORMS
  ruby

DEPENDENCIES
  json
  nokogiri (~> 1.11)
  peach
  rack
  rake
  sass
  yui-compressor

BUNDLED WITH
   1.10.6
