GEM
  remote: https://rubygems.org/
  specs:
    json (1.8.3)
    mini_portile2 (2.4.0)
    nokogiri (1.10.8)
      mini_portile2 (~> 2.4.0)
    peach (0.4)
    rack (1.2.1)
    rake (10.0.0)
    sass (3.1.0.alpha.214)
    yui-compressor (0.9.1)

PLATFORMS
  ruby

DEPENDENCIES
  json
  nokogiri (~> 1.10)
  peach
  rack
  rake
  sass
  yui-compressor

BUNDLED WITH
   1.10.6
